GEM
  remote: https://rubygems.org/
  specs:
    awesome_print (1.6.1)
    faraday (0.9.2)
      multipart-post (>= 1.2, < 3)
    multipart-post (2.0.0)
    ruby-progressbar (1.7.5)

PLATFORMS
  ruby

DEPENDENCIES
  awesome_print
  faraday
  ruby-progressbar

BUNDLED WITH
   1.11.2
