GEM
  remote: https://rubygems.org/
  specs:
    awesome_print (1.6.1)
    ruby-progressbar (1.7.5)

PLATFORMS
  ruby

DEPENDENCIES
  awesome_print
  ruby-progressbar

BUNDLED WITH
   1.11.2
